{
  "bids_meta": {
    "EchoTime": 0.00336,
    "FlipAngle": 9,
    "ImageType": [
      "ORIGINAL",
      "PRIMARY",
      "M",
      "ND",
      "NORM"
    ],
    "MagneticFieldStrength": 3,
    "Manufacturer": "Siemens",
    "ManufacturersModelName": "TrioTim",
    "PhaseEncodingDirection": "i-",
    "RepetitionTime": 2.3,
    "ScanningSequence": "GR_IR",
    "SequenceName": "_tfl3d1",
    "SequenceVariant": "SP_MP",
    "SoftwareVersions": "syngo_MR_B17",
    "dataset": "ds003076",
    "modality": "T1w",
    "subject_id": "1004"
  },
  "cjv": 0.28685770510786807,
  "cnr": 4.481848607332779,
  "efc": 0.5272020553726467,
  "fber": 19484.257399699385,
  "fwhm_avg": 4.20321926951683,
  "fwhm_x": 4.0901,
  "fwhm_y": 4.48222,
  "fwhm_z": 4.0373378085504905,
  "icvs_csf": 0.22776488813673887,
  "icvs_gm": 0.40632281993378283,
  "icvs_wm": 0.36591229192947833,
  "inu_med": 0.37484437227249146,
  "inu_range": 0.10477406382560728,
  "provenance": {
    "md5sum": "ca013042805db484ac9f13403c73781a",
    "settings": {
      "testing": false
    },
    "software": "mriqc",
    "version": "22.0.6",
    "warnings": {
      "large_rot_frame": true,
      "small_air_mask": false
    },
    "webapi_port": null,
    "webapi_url": "https://mriqc.nimh.nih.gov/api/v1"
  },
  "qi_1": 0.0,
  "qi_2": 0.004189455214049968,
  "rpve_csf": 21.59752311050466,
  "rpve_gm": 12.184282772820865,
  "rpve_wm": 16.565497010938692,
  "size_x": 256,
  "size_y": 256,
  "size_z": 160,
  "snr_csf": 2.0511897814988163,
  "snr_gm": 8.117491537856623,
  "snr_total": 11.540278195410087,
  "snr_wm": 24.452153266874816,
  "snrd_csf": 33.90169568867437,
  "snrd_gm": 96.89080612454289,
  "snrd_total": 96.30002805091262,
  "snrd_wm": 158.1075823395206,
  "spacing_x": 1.0,
  "spacing_y": 1.0,
  "spacing_z": 0.9999732971191406,
  "summary_bg_k": 5.463636250005447,
  "summary_bg_mad": 4.143527488971816,
  "summary_bg_mean": 6.82988072789364,
  "summary_bg_median": 2.7947668209671974,
  "summary_bg_n": 1940347.0,
  "summary_bg_p05": 0.0,
  "summary_bg_p95": 26.185749996453524,
  "summary_bg_stdv": 9.569125986826899,
  "summary_csf_k": -0.09359339144656431,
  "summary_csf_mad": 109.1579288851959,
  "summary_csf_mean": 219.42963222928066,
  "summary_csf_median": 214.41734577529132,
  "summary_csf_n": 33208.0,
  "summary_csf_p05": 52.66211523842067,
  "summary_csf_p95": 393.4343118183315,
  "summary_csf_stdv": 104.5315841985846,
  "summary_gm_k": 0.28917834605731585,
  "summary_gm_mad": 72.48170549549248,
  "summary_gm_mean": 612.8482852301172,
  "summary_gm_median": 612.8032553307712,
  "summary_gm_n": 35859.0,
  "summary_gm_p05": 487.1562096014619,
  "summary_gm_p95": 735.0662029746919,
  "summary_gm_stdv": 75.49064976423014,
  "summary_wm_k": 0.4399526720985314,
  "summary_wm_mad": 38.58284654586075,
  "summary_wm_mean": 998.5661301419652,
  "summary_wm_median": 999.9797197021544,
  "summary_wm_n": 224390.0,
  "summary_wm_p05": 930.0295414440334,
  "summary_wm_p95": 1064.6036394536495,
  "summary_wm_stdv": 40.895273335139514,
  "tpm_overlap_csf": 0.14306399382767235,
  "tpm_overlap_gm": 0.4562007620246385,
  "tpm_overlap_wm": 0.5075230110612693,
  "wm2max": 0.8591039582427142
}