{
  "bids_meta": {
    "EchoTime": 0.00336,
    "FlipAngle": 9,
    "ImageType": [
      "ORIGINAL",
      "PRIMARY",
      "M",
      "ND",
      "NORM"
    ],
    "MagneticFieldStrength": 3,
    "Manufacturer": "Siemens",
    "ManufacturersModelName": "TrioTim",
    "PhaseEncodingDirection": "i-",
    "RepetitionTime": 2.3,
    "ScanningSequence": "GR_IR",
    "SequenceName": "_tfl3d1",
    "SequenceVariant": "SP_MP",
    "SoftwareVersions": "syngo_MR_B17",
    "dataset": "ds003076",
    "modality": "T1w",
    "subject_id": "1026"
  },
  "cjv": 0.32188100444889634,
  "cnr": 4.0704901858378095,
  "efc": 0.6501007608042129,
  "fber": 2779.5411851671006,
  "fwhm_avg": 4.0612043004739435,
  "fwhm_x": 4.064040242235675,
  "fwhm_y": 4.250480253348365,
  "fwhm_z": 3.86909240583779,
  "icvs_csf": 0.26723083475889003,
  "icvs_gm": 0.41869194663690285,
  "icvs_wm": 0.3140772186042072,
  "inu_med": 0.7111920118331909,
  "inu_range": 0.2673077523708344,
  "provenance": {
    "md5sum": "c234e42ca32c7dccad1dc0cbeb1bea4f",
    "settings": {
      "testing": false
    },
    "software": "mriqc",
    "version": "22.0.6",
    "warnings": {
      "large_rot_frame": true,
      "small_air_mask": false
    },
    "webapi_port": null,
    "webapi_url": "https://mriqc.nimh.nih.gov/api/v1"
  },
  "qi_1": 0.0,
  "qi_2": 0.001872162130620541,
  "rpve_csf": 17.128489178495858,
  "rpve_gm": 10.491601779189187,
  "rpve_wm": 16.433457134014237,
  "size_x": 256,
  "size_y": 256,
  "size_z": 160,
  "snr_csf": 1.7800464399419582,
  "snr_gm": 6.775486799729798,
  "snr_total": 7.975052173755446,
  "snr_wm": 15.369623281594583,
  "snrd_csf": 14.967938254747938,
  "snrd_gm": 53.841286662347095,
  "snrd_total": 54.92767530734179,
  "snrd_wm": 95.97380100493032,
  "spacing_x": 0.9999999403953552,
  "spacing_y": 0.9999999403953552,
  "spacing_z": 1.0000381469726562,
  "summary_bg_k": 20.50814947691111,
  "summary_bg_mad": 6.826200379194692,
  "summary_bg_mean": 15.455762239753154,
  "summary_bg_median": 4.604202188551426,
  "summary_bg_n": 1060228.0,
  "summary_bg_p05": 0.0,
  "summary_bg_p95": 58.75616396963596,
  "summary_bg_stdv": 23.299471304606584,
  "summary_csf_k": 0.6394950234283092,
  "summary_csf_mad": 85.89924233514539,
  "summary_csf_mean": 164.5709321650359,
  "summary_csf_median": 155.958584792912,
  "summary_csf_n": 26352.0,
  "summary_csf_p05": 35.841493737325074,
  "summary_csf_p95": 320.74461713209706,
  "summary_csf_stdv": 87.6132341966263,
  "summary_gm_k": 0.2647826816599679,
  "summary_gm_mad": 79.10769271929686,
  "summary_gm_mean": 560.6201598041804,
  "summary_gm_median": 560.9998336695135,
  "summary_gm_n": 40660.0,
  "summary_gm_p05": 423.001143149659,
  "summary_gm_p95": 696.7548520568757,
  "summary_gm_stdv": 82.79743604247007,
  "summary_wm_k": 0.2930493627871673,
  "summary_wm_mad": 62.198120206367875,
  "summary_wm_mean": 997.1271586044243,
  "summary_wm_median": 999.9999951347709,
  "summary_wm_n": 196428.0,
  "summary_wm_p05": 886.2738639190793,
  "summary_wm_p95": 1100.310836724937,
  "summary_wm_stdv": 65.06323748787707,
  "tpm_overlap_csf": 0.15572864345365373,
  "tpm_overlap_gm": 0.47416973521838957,
  "tpm_overlap_wm": 0.5094450497882184,
  "wm2max": 0.6978641307777774
}