{
  "bids_meta": {
    "EchoTime": 0.00336,
    "FlipAngle": 9,
    "ImageType": [
      "ORIGINAL",
      "PRIMARY",
      "M",
      "ND",
      "NORM"
    ],
    "MagneticFieldStrength": 3,
    "Manufacturer": "Siemens",
    "ManufacturersModelName": "TrioTim",
    "PhaseEncodingDirection": "i-",
    "RepetitionTime": 2.3,
    "ScanningSequence": "GR_IR",
    "SequenceName": "_tfl3d1",
    "SequenceVariant": "SP_MP",
    "SoftwareVersions": "syngo_MR_B17",
    "dataset": "ds003076",
    "modality": "T1w",
    "subject_id": "1031"
  },
  "cjv": 0.3094173642490889,
  "cnr": 4.359054077652249,
  "efc": 0.5617731507179098,
  "fber": 5899.887559832419,
  "fwhm_avg": 4.290789841403059,
  "fwhm_x": 4.31069,
  "fwhm_y": 4.42146,
  "fwhm_z": 4.1402195242091775,
  "icvs_csf": 0.24334960892215754,
  "icvs_gm": 0.4226577039074599,
  "icvs_wm": 0.3339926871703826,
  "inu_med": 0.4955260753631592,
  "inu_range": 0.14300724864006042,
  "provenance": {
    "md5sum": "b1df313d2a4aa1a8cd47cbdc2acad2c4",
    "settings": {
      "testing": false
    },
    "software": "mriqc",
    "version": "22.0.6",
    "warnings": {
      "large_rot_frame": true,
      "small_air_mask": false
    },
    "webapi_port": null,
    "webapi_url": "https://mriqc.nimh.nih.gov/api/v1"
  },
  "qi_1": 0.0,
  "qi_2": 0.002280316991007998,
  "rpve_csf": 21.214779861394213,
  "rpve_gm": 12.072176022904275,
  "rpve_wm": 17.69352219568622,
  "size_x": 256,
  "size_y": 256,
  "size_z": 160,
  "snr_csf": 2.0404980541889004,
  "snr_gm": 9.121596219714242,
  "snr_total": 10.79329224712757,
  "snr_wm": 21.217782467479566,
  "snrd_csf": 24.768292065912952,
  "snrd_gm": 76.24636694770199,
  "snrd_total": 74.0928232512092,
  "snrd_wm": 121.26381074001266,
  "spacing_x": 1.0,
  "spacing_y": 1.0,
  "spacing_z": 0.9999542236328125,
  "summary_bg_k": 56.835928792203724,
  "summary_bg_mad": 5.402571490320197,
  "summary_bg_mean": 10.400179741699478,
  "summary_bg_median": 3.6439790949225426,
  "summary_bg_n": 1766769.0,
  "summary_bg_p05": 0.0,
  "summary_bg_p95": 38.303665313869715,
  "summary_bg_stdv": 16.7416453326076,
  "summary_csf_k": -0.05989143478563985,
  "summary_csf_mad": 103.95292729650586,
  "summary_csf_mean": 206.5140017386181,
  "summary_csf_median": 204.25131099298596,
  "summary_csf_n": 34911.0,
  "summary_csf_p05": 47.445026664063334,
  "summary_csf_p95": 374.8900561966002,
  "summary_csf_stdv": 100.09731949423394,
  "summary_gm_k": 0.10963522939560644,
  "summary_gm_mad": 68.88278650158252,
  "summary_gm_mean": 628.1802312588084,
  "summary_gm_median": 628.7644043471664,
  "summary_gm_n": 39126.0,
  "summary_gm_p05": 513.3403193950653,
  "summary_gm_p95": 738.7329918611795,
  "summary_gm_stdv": 68.93051983757304,
  "summary_wm_k": 0.32875696510606955,
  "summary_wm_mad": 45.98395619059892,
  "summary_wm_mean": 998.3158477413072,
  "summary_wm_median": 1000.0000102445483,
  "summary_wm_n": 190962.0,
  "summary_wm_p05": 918.1780198775232,
  "summary_wm_p95": 1072.4398015625775,
  "summary_wm_stdv": 47.13015572913037,
  "tpm_overlap_csf": 0.13895106121650297,
  "tpm_overlap_gm": 0.4690325266625242,
  "tpm_overlap_wm": 0.49502339104648047,
  "wm2max": 0.8261960377195259
}