{
  "bids_meta": {
    "EchoTime": 0.00336,
    "FlipAngle": 9,
    "ImageType": [
      "ORIGINAL",
      "PRIMARY",
      "M",
      "ND",
      "NORM"
    ],
    "MagneticFieldStrength": 3,
    "Manufacturer": "Siemens",
    "ManufacturersModelName": "TrioTim",
    "PhaseEncodingDirection": "i-",
    "RepetitionTime": 2.3,
    "ScanningSequence": "GR_IR",
    "SequenceName": "_tfl3d1",
    "SequenceVariant": "SP_MP",
    "SoftwareVersions": "syngo_MR_B17",
    "dataset": "ds003076",
    "modality": "T1w",
    "subject_id": "1008"
  },
  "cjv": 0.3367317731508211,
  "cnr": 3.911216642070857,
  "efc": 0.5978900736894371,
  "fber": 23732.30868512111,
  "fwhm_avg": 4.046021871883786,
  "fwhm_x": 4.00507,
  "fwhm_y": 4.17778,
  "fwhm_z": 3.955215615651358,
  "icvs_csf": 0.24618139651382345,
  "icvs_gm": 0.41163057767676153,
  "icvs_wm": 0.34218802580941504,
  "inu_med": 0.409983366727829,
  "inu_range": 0.10434829890727998,
  "provenance": {
    "md5sum": "1e8a5e0124940ba756218d2ba4809698",
    "settings": {
      "testing": false
    },
    "software": "mriqc",
    "version": "22.0.6",
    "warnings": {
      "large_rot_frame": true,
      "small_air_mask": false
    },
    "webapi_port": null,
    "webapi_url": "https://mriqc.nimh.nih.gov/api/v1"
  },
  "qi_1": 0.0,
  "qi_2": 0.00336240911491308,
  "rpve_csf": 19.166929371922432,
  "rpve_gm": 11.188136091114751,
  "rpve_wm": 15.995244416991644,
  "size_x": 256,
  "size_y": 256,
  "size_z": 160,
  "snr_csf": 2.0125145866029905,
  "snr_gm": 8.195828597356037,
  "snr_total": 11.049433417202563,
  "snr_wm": 22.93995706764866,
  "snrd_csf": 31.312996774488553,
  "snrd_gm": 98.9941916412452,
  "snrd_total": 94.59247895180282,
  "snrd_wm": 153.47024843967466,
  "spacing_x": 1.0,
  "spacing_y": 1.0,
  "spacing_z": 0.9999732971191406,
  "summary_bg_k": 8.275672749975824,
  "summary_bg_mad": 4.268816986493969,
  "summary_bg_mean": 8.2088502837624,
  "summary_bg_median": 2.8792733028531075,
  "summary_bg_n": 1495929.0,
  "summary_bg_p05": 0.0,
  "summary_bg_p95": 32.260026935487986,
  "summary_bg_stdv": 11.922723502293248,
  "summary_csf_k": 0.13684627434578633,
  "summary_csf_mad": 99.40030539325569,
  "summary_csf_mean": 215.00739938748902,
  "summary_csf_median": 204.0330113377422,
  "summary_csf_n": 48338.0,
  "summary_csf_p05": 59.73478274792433,
  "summary_csf_p95": 393.60882644355297,
  "summary_csf_stdv": 101.38107927389778,
  "summary_gm_k": 0.1301233214020674,
  "summary_gm_mad": 77.47000967742929,
  "summary_gm_mean": 642.4691220274905,
  "summary_gm_median": 645.0383261293173,
  "summary_gm_n": 34881.0,
  "summary_gm_p05": 507.7862065024674,
  "summary_gm_p95": 767.3060586377978,
  "summary_gm_stdv": 78.70211927084242,
  "summary_wm_k": 0.3171655611391677,
  "summary_wm_mad": 42.05686594440185,
  "summary_wm_mean": 998.023596274184,
  "summary_wm_median": 1000.0000052824616,
  "summary_wm_n": 206711.0,
  "summary_wm_p05": 923.9425816275179,
  "summary_wm_p95": 1066.7099289894104,
  "summary_wm_stdv": 43.59195544676159,
  "tpm_overlap_csf": 0.13646923426565588,
  "tpm_overlap_gm": 0.4654453921051504,
  "tpm_overlap_wm": 0.5094311468628666,
  "wm2max": 0.8516724186531296
}