{
  "bids_meta": {
    "EchoTime": 0.00336,
    "FlipAngle": 9,
    "ImageType": [
      "ORIGINAL",
      "PRIMARY",
      "M",
      "ND",
      "NORM"
    ],
    "MagneticFieldStrength": 3,
    "Manufacturer": "Siemens",
    "ManufacturersModelName": "TrioTim",
    "PhaseEncodingDirection": "i-",
    "RepetitionTime": 2.3,
    "ScanningSequence": "GR_IR",
    "SequenceName": "_tfl3d1",
    "SequenceVariant": "SP_MP",
    "SoftwareVersions": "syngo_MR_B17",
    "dataset": "ds003076",
    "modality": "T1w",
    "subject_id": "1017"
  },
  "cjv": 0.3238114788956812,
  "cnr": 4.095745908012126,
  "efc": 0.5439310249669833,
  "fber": 10906.452474190102,
  "fwhm_avg": 4.036486924411079,
  "fwhm_x": 4.0063,
  "fwhm_y": 4.27235,
  "fwhm_z": 3.830810773233236,
  "icvs_csf": 0.25135294379056056,
  "icvs_gm": 0.4248994681901345,
  "icvs_wm": 0.3237475880193049,
  "inu_med": 0.4972178786993027,
  "inu_range": 0.14303354471921914,
  "provenance": {
    "md5sum": "408537227f4cd144dc75f5fcdb8fd913",
    "settings": {
      "testing": false
    },
    "software": "mriqc",
    "version": "22.0.6",
    "warnings": {
      "large_rot_frame": true,
      "small_air_mask": false
    },
    "webapi_port": null,
    "webapi_url": "https://mriqc.nimh.nih.gov/api/v1"
  },
  "qi_1": 0.0,
  "qi_2": 0.004749930525415169,
  "rpve_csf": 19.86669788242489,
  "rpve_gm": 11.63997199646912,
  "rpve_wm": 18.043959185087658,
  "size_x": 256,
  "size_y": 256,
  "size_z": 160,
  "snr_csf": 1.902516851044294,
  "snr_gm": 6.961475305539904,
  "snr_total": 9.344950899876126,
  "snr_wm": 19.170860543044185,
  "snrd_csf": 23.20013084895374,
  "snrd_gm": 73.39750161000873,
  "snrd_total": 73.73876186297768,
  "snrd_wm": 124.61865312997055,
  "spacing_x": 1.0,
  "spacing_y": 1.0,
  "spacing_z": 1.0000076293945312,
  "summary_bg_k": 2.851700372362181,
  "summary_bg_mad": 5.257129561617172,
  "summary_bg_mean": 10.182942984353687,
  "summary_bg_median": 3.545880004763603,
  "summary_bg_n": 1830228.0,
  "summary_bg_p05": 0.0,
  "summary_bg_p95": 38.9428333081305,
  "summary_bg_stdv": 13.859957047209017,
  "summary_csf_k": 0.04015759907585137,
  "summary_csf_mad": 103.90472060882313,
  "summary_csf_mean": 189.985001775854,
  "summary_csf_median": 186.1690080408007,
  "summary_csf_n": 27840.0,
  "summary_csf_p05": 39.310821436531846,
  "summary_csf_p95": 356.4660799439996,
  "summary_csf_stdv": 97.85230777640783,
  "summary_gm_k": 0.127735001345902,
  "summary_gm_mad": 83.54862591093338,
  "summary_gm_mean": 588.2728711227377,
  "summary_gm_median": 588.9768534656614,
  "summary_gm_n": 38522.0,
  "summary_gm_p05": 447.3375012986362,
  "summary_gm_p95": 724.9458899622782,
  "summary_gm_stdv": 84.60407929130976,
  "summary_wm_k": 0.4082770933596729,
  "summary_wm_mad": 49.545389647566495,
  "summary_wm_mean": 996.7668915711961,
  "summary_wm_median": 1000.0000080876052,
  "summary_wm_n": 182714.0,
  "summary_wm_p05": 907.4772786609828,
  "summary_wm_p95": 1078.7721447050571,
  "summary_wm_stdv": 52.162356995992575,
  "tpm_overlap_csf": 0.1410395776625042,
  "tpm_overlap_gm": 0.476044000682178,
  "tpm_overlap_wm": 0.497519224614298,
  "wm2max": 0.8499561941475381
}