{
  "bids_meta": {
    "EchoTime": 0.00336,
    "FlipAngle": 9,
    "ImageType": [
      "ORIGINAL",
      "PRIMARY",
      "M",
      "ND",
      "NORM"
    ],
    "MagneticFieldStrength": 3,
    "Manufacturer": "Siemens",
    "ManufacturersModelName": "TrioTim",
    "PhaseEncodingDirection": "i-",
    "RepetitionTime": 2.3,
    "ScanningSequence": "GR_IR",
    "SequenceName": "_tfl3d1",
    "SequenceVariant": "SP_MP",
    "SoftwareVersions": "syngo_MR_B17",
    "dataset": "ds003076",
    "modality": "T1w",
    "subject_id": "1021"
  },
  "cjv": 0.3200088524064731,
  "cnr": 4.080451051253,
  "efc": 0.5044743504473778,
  "fber": 16612.345679012345,
  "fwhm_avg": 3.9361049948630313,
  "fwhm_x": 3.86002,
  "fwhm_y": 4.17947,
  "fwhm_z": 3.7688249845890933,
  "icvs_csf": 0.25162775494497497,
  "icvs_gm": 0.418877434463117,
  "icvs_wm": 0.32949481059190805,
  "inu_med": 0.49829018115997314,
  "inu_range": 0.12826357185840598,
  "provenance": {
    "md5sum": "5d641a18d78f99be179d14de3f14d685",
    "settings": {
      "testing": false
    },
    "software": "mriqc",
    "version": "22.0.6",
    "warnings": {
      "large_rot_frame": true,
      "small_air_mask": false
    },
    "webapi_port": null,
    "webapi_url": "https://mriqc.nimh.nih.gov/api/v1"
  },
  "qi_1": 0.0,
  "qi_2": 0.0049970312404683925,
  "rpve_csf": 22.609450980477327,
  "rpve_gm": 13.314895554992352,
  "rpve_wm": 19.982677717760083,
  "size_x": 256,
  "size_y": 256,
  "size_z": 160,
  "snr_csf": 1.7048625379109248,
  "snr_gm": 6.902232702036638,
  "snr_total": 9.830956583399965,
  "snr_wm": 20.885774510252336,
  "snrd_csf": 23.338538283725285,
  "snrd_gm": 82.3384428889701,
  "snrd_total": 81.37437818533853,
  "snrd_wm": 138.44615338332022,
  "spacing_x": 1.0,
  "spacing_y": 1.0,
  "spacing_z": 1.000030517578125,
  "summary_bg_k": 4.076583296522968,
  "summary_bg_mad": 4.731968852096391,
  "summary_bg_mean": 8.537769383558498,
  "summary_bg_median": 3.1916644889861345,
  "summary_bg_n": 2102922.0,
  "summary_bg_p05": 0.0,
  "summary_bg_p95": 33.99637465365231,
  "summary_bg_stdv": 12.150711505850133,
  "summary_csf_k": 0.6135966893028821,
  "summary_csf_mad": 100.56197031487429,
  "summary_csf_mean": 177.894383039529,
  "summary_csf_median": 168.57136347796768,
  "summary_csf_n": 24812.0,
  "summary_csf_p05": 34.224939013831325,
  "summary_csf_p95": 350.4612339977173,
  "summary_csf_stdv": 98.87481408195761,
  "summary_gm_k": 0.15473484498262602,
  "summary_gm_mad": 83.61846894123882,
  "summary_gm_mean": 595.445334358571,
  "summary_gm_median": 594.7203469090164,
  "summary_gm_n": 35119.0,
  "summary_gm_p05": 452.8457125276327,
  "summary_gm_p95": 739.9122532205656,
  "summary_gm_stdv": 86.16224710257,
  "summary_wm_k": 0.25608533911810705,
  "summary_wm_mad": 46.068006437506156,
  "summary_wm_mean": 997.8126507732375,
  "summary_wm_median": 999.9793714750558,
  "summary_wm_n": 165892.0,
  "summary_wm_p05": 916.8725464586169,
  "summary_wm_p95": 1074.4172239117324,
  "summary_wm_stdv": 47.87834691180397,
  "tpm_overlap_csf": 0.14408579421989343,
  "tpm_overlap_gm": 0.4764792442594073,
  "tpm_overlap_wm": 0.5105099466766337,
  "wm2max": 0.8248212374951169
}