{
  "bids_meta": {
    "EchoTime": 0.00336,
    "FlipAngle": 9,
    "ImageType": [
      "ORIGINAL",
      "PRIMARY",
      "M",
      "ND",
      "NORM"
    ],
    "MagneticFieldStrength": 3,
    "Manufacturer": "Siemens",
    "ManufacturersModelName": "TrioTim",
    "PhaseEncodingDirection": "i-",
    "RepetitionTime": 2.3,
    "ScanningSequence": "GR_IR",
    "SequenceName": "_tfl3d1",
    "SequenceVariant": "SP_MP",
    "SoftwareVersions": "syngo_MR_B17",
    "dataset": "ds003076",
    "modality": "T1w",
    "subject_id": "1027"
  },
  "cjv": 0.31510107217182465,
  "cnr": 4.240855884778022,
  "efc": 0.5291289997242937,
  "fber": 5256.25,
  "fwhm_avg": 4.5159475262262445,
  "fwhm_x": 4.57306,
  "fwhm_y": 4.70463,
  "fwhm_z": 4.270152578678732,
  "icvs_csf": 0.2815732076219917,
  "icvs_gm": 0.4016853102959032,
  "icvs_wm": 0.3167414820821051,
  "inu_med": 0.6916041672229767,
  "inu_range": 0.19105264544487,
  "provenance": {
    "md5sum": "3e5515893fabeaf71582cab71411a28b",
    "settings": {
      "testing": false
    },
    "software": "mriqc",
    "version": "22.0.6",
    "warnings": {
      "large_rot_frame": true,
      "small_air_mask": false
    },
    "webapi_port": null,
    "webapi_url": "https://mriqc.nimh.nih.gov/api/v1"
  },
  "qi_1": 0.0,
  "qi_2": 0.0029867656188051163,
  "rpve_csf": 20.51383238725954,
  "rpve_gm": 13.357745013099128,
  "rpve_wm": 20.09781145754999,
  "size_x": 256,
  "size_y": 256,
  "size_z": 160,
  "snr_csf": 1.78127417980704,
  "snr_gm": 7.258177423178214,
  "snr_total": 8.762472818092766,
  "snr_wm": 17.247966851293043,
  "snrd_csf": 5.625461505788337,
  "snrd_gm": 21.557416904202874,
  "snrd_total": 21.526875664037807,
  "snrd_wm": 37.39774858212222,
  "spacing_x": 1.0,
  "spacing_y": 1.0,
  "spacing_z": 0.9999923706054688,
  "summary_bg_k": 11.92337061032812,
  "summary_bg_mad": 0.0,
  "summary_bg_mean": 11.393446212486934,
  "summary_bg_median": 0.0,
  "summary_bg_n": 1836087.0,
  "summary_bg_p05": 0.0,
  "summary_bg_p95": 47.39917028322816,
  "summary_bg_stdv": 17.51862068876818,
  "summary_csf_k": 0.5569083647468278,
  "summary_csf_mad": 83.4534222073506,
  "summary_csf_mean": 161.58436203575752,
  "summary_csf_median": 150.42718786373734,
  "summary_csf_n": 25055.0,
  "summary_csf_p05": 41.56929221525789,
  "summary_csf_p95": 314.5903977055102,
  "summary_csf_stdv": 84.447519421512,
  "summary_gm_k": 0.21623917914993784,
  "summary_gm_mad": 77.5390334683252,
  "summary_gm_mean": 574.160158581381,
  "summary_gm_median": 576.4543227553368,
  "summary_gm_n": 25965.0,
  "summary_gm_p05": 440.4510573528707,
  "summary_gm_p95": 700.157048010081,
  "summary_gm_stdv": 79.41983068703608,
  "summary_wm_k": 0.3670782333307514,
  "summary_wm_mad": 55.93055807535048,
  "summary_wm_mean": 998.7700019592978,
  "summary_wm_median": 1000.0314011313021,
  "summary_wm_n": 162801.0,
  "summary_wm_p05": 901.4951538294554,
  "summary_wm_p95": 1091.374533791095,
  "summary_wm_stdv": 57.979490476639526,
  "tpm_overlap_csf": 0.12299463646722378,
  "tpm_overlap_gm": 0.4256455078242837,
  "tpm_overlap_wm": 0.4703048547789416,
  "wm2max": 0.5553373176202815
}