{
  "bids_meta": {
    "EchoTime": 0.00336,
    "FlipAngle": 9,
    "ImageType": [
      "ORIGINAL",
      "PRIMARY",
      "M",
      "ND",
      "NORM"
    ],
    "MagneticFieldStrength": 3,
    "Manufacturer": "Siemens",
    "ManufacturersModelName": "TrioTim",
    "PhaseEncodingDirection": "i-",
    "RepetitionTime": 2.3,
    "ScanningSequence": "GR_IR",
    "SequenceName": "_tfl3d1",
    "SequenceVariant": "SP_MP",
    "SoftwareVersions": "syngo_MR_B17",
    "dataset": "ds003076",
    "modality": "T1w",
    "subject_id": "1010"
  },
  "cjv": 0.3575687703454687,
  "cnr": 3.7839166255609156,
  "efc": 0.5364184006758722,
  "fber": 14232.338025883402,
  "fwhm_avg": 3.8375,
  "fwhm_x": 3.60036,
  "fwhm_y": 4.15771,
  "fwhm_z": 3.75443,
  "icvs_csf": 0.24981463527684172,
  "icvs_gm": 0.437783357330087,
  "icvs_wm": 0.3124020073930713,
  "inu_med": 0.6770947873592377,
  "inu_range": 0.2721191912889481,
  "provenance": {
    "md5sum": "c9750cdbbeb660dd4da3f2bca0f9e0a9",
    "settings": {
      "testing": false
    },
    "software": "mriqc",
    "version": "22.0.6",
    "warnings": {
      "large_rot_frame": true,
      "small_air_mask": false
    },
    "webapi_port": null,
    "webapi_url": "https://mriqc.nimh.nih.gov/api/v1"
  },
  "qi_1": 0.0,
  "qi_2": 0.003498814644765311,
  "rpve_csf": 25.497148195977147,
  "rpve_gm": 14.358448010484768,
  "rpve_wm": 21.9871982582205,
  "size_x": 256,
  "size_y": 256,
  "size_z": 160,
  "snr_csf": 2.276346293946969,
  "snr_gm": 9.690487435348667,
  "snr_total": 9.917670705289453,
  "snr_wm": 17.786178386572725,
  "snrd_csf": 8.235724670577534,
  "snrd_gm": 27.307527819757546,
  "snrd_total": 25.631574795230552,
  "snrd_wm": 41.351471895356575,
  "spacing_x": 1.0,
  "spacing_y": 1.0,
  "spacing_z": 1.0,
  "summary_bg_k": 47.048583211509715,
  "summary_bg_mad": 0.0,
  "summary_bg_mean": 10.135915001093004,
  "summary_bg_median": 0.0,
  "summary_bg_n": 2002147.0,
  "summary_bg_p05": 0.0,
  "summary_bg_p95": 41.09294283948839,
  "summary_bg_stdv": 15.843121519068612,
  "summary_csf_k": 1.9257537954799648,
  "summary_csf_mad": 65.29902140423923,
  "summary_csf_mean": 213.01516503824536,
  "summary_csf_median": 199.16400119662285,
  "summary_csf_n": 42469.0,
  "summary_csf_p05": 90.40447424687446,
  "summary_csf_p95": 383.17555600591004,
  "summary_csf_stdv": 87.49180952659847,
  "summary_gm_k": 0.1652563057982004,
  "summary_gm_mad": 67.07617551084448,
  "summary_gm_mean": 658.2842960167566,
  "summary_gm_median": 660.37619285658,
  "summary_gm_n": 28617.0,
  "summary_gm_p05": 542.3039047397673,
  "summary_gm_p95": 766.4248764567076,
  "summary_gm_stdv": 68.14565923350192,
  "summary_wm_k": 0.29120085380998084,
  "summary_wm_mad": 54.36268844051459,
  "summary_wm_mean": 999.4852907750277,
  "summary_wm_median": 999.9999911934137,
  "summary_wm_n": 115456.0,
  "summary_wm_p05": 905.8581184055656,
  "summary_wm_p95": 1091.1298158150166,
  "summary_wm_stdv": 56.22318852288678,
  "tpm_overlap_csf": 0.14058494710923097,
  "tpm_overlap_gm": 0.4501400057674749,
  "tpm_overlap_wm": 0.44921199130270695,
  "wm2max": 0.5959629263289006
}