{
  "aor": 0.0004598429319371728,
  "aqi": 0.008536162094240836,
  "bids_meta": {
    "AccelFactPE": 2,
    "EchoTime": 0.02,
    "FlipAngle": 80,
    "InstitutionAddress": "Fairbanks_710_Chicago_Chicago_US_60611",
    "InstitutionName": "Northwestern_University",
    "Instructions": "This task contained 54 trials of a deductive reasoning task divided into two runs, entitled task-Transitive_run-01 and task-Transitive_run-02. In each experimental trial participants were visually presented with a linear order problem describing the linear ordering of 4 imaginary characters, containing three premises and a conclusion. Each character had a single syllable name. In each problem, the same adjective was used throughout and consisted of one of 8 comparative adjectives: slower, faster, shorter, taller, younger, older, smaller, bigger. Half of the conclusions required the integration of all three premises and half required the integration of only two premises. In addition, some conclusions included a negation to make conclusions less predictable. This amounted to 36 problems organized into four groups; 18 true and affirmative problems (true_affirm), 6 false and affirmative problems (false_affirm), 6 true with negation problems (true_negate), and 6 false with negation problems (false_negate). Each group was further split into those requiring 2 premises to make the judgment and those requiring 3 premises to make the judgement, denoted by a number preceding the validity in the condition name (i.e. 2_true_affirm), for a total of eight conditions. An example of a valid and affirmative problem necessitating the integration of two premises was: (1) Wes is older than Pam, (2) Pam is older than Tim, (3) Tim is older than Wes, (C) Wes is older than Tim. Premises and the conclusion were presented one at time, with the next premise appearing below the last (first premise at 0 s, second at 2 s, third at 4 s, and conclusion at 6 s). Premises were presented in grey text while the conclusion was presented in black text to make it clear that a judgment had to be made. Once presented with the conclusion, participants were given 6 s to press one of two buttons to judge the validity of the conclusion given the premises. The trial continued as soon as participants provided a response or after 6 s had passed a red asterisk appeared below the conclusion for 2 s to indicate that no response had been made. At the end of each trial, a jittered red fixation cross was presented on the screen for 2.8-3.6s. The task also included 18 null trials to serve as a baseline correction. In these trials participants were presented with a blue cross on the screen for 2.8-3.6s followed by a red cross for 2.8-3.6 s and were asked to press with their first finger when they saw a blue cross, participants could respond as soon as they saw the blue cross and until it turned red. The trial would continue to the red cross as soon as the participant responded. Each run ended with the presentation of a black fixation cross for 10 s.",
    "MagneticFieldStrength": 3,
    "Manufacturer": "Siemens",
    "ManufacturersModelName": "TrioTim",
    "NumberOfSlices": 32,
    "NumberOfVolumesDiscardedByUser": 6,
    "PhaseEncodingDirection": "j-",
    "PhaseEncodingLines": 120,
    "PulseSequenceType": "susceptibility weighted single-shot EPI",
    "RepetitionTime": 2,
    "SequenceVariant": "SK",
    "SliceEncodingDirection": "k",
    "SliceTiming": [
      1.0025,
      0,
      1.0675,
      0.0625,
      1.13,
      0.125,
      1.1925,
      0.1875,
      1.255,
      0.25,
      1.3175,
      0.3125,
      1.38,
      0.3775,
      1.4425,
      0.44,
      1.505,
      0.5025,
      1.5675,
      0.565,
      1.63,
      0.6275,
      1.6925,
      0.69,
      1.7575,
      0.7525,
      1.82,
      0.815,
      1.8825,
      0.8775,
      1.945,
      0.94
    ],
    "SoftwareVersions": "syngo_MR_B17",
    "TaskName": "Transitive Reasoning",
    "dataset": "ds003076",
    "modality": "bold",
    "run_id": 1,
    "subject_id": "1030",
    "task_id": "Transitive"
  },
  "dummy_trs": 0,
  "dvars_nstd": 31.506940942368423,
  "dvars_std": 1.047935966368421,
  "dvars_vstd": 1.0036199929999996,
  "efc": 0.546735983102935,
  "fber": 1870.412841796875,
  "fd_mean": 0.07222034081229507,
  "fd_num": 2,
  "fd_perc": 1.0471204188481675,
  "fwhm_avg": 2.525155679297283,
  "fwhm_x": 2.497088,
  "fwhm_y": 3.0312727272727273,
  "fwhm_z": 2.0471063106191223,
  "gcor": 0.00234767,
  "gsr_x": -0.007658644113689661,
  "gsr_y": 0.03645351529121399,
  "provenance": {
    "md5sum": "f988367b1cb7de66a8a927387a4d06bf",
    "settings": {
      "fd_thres": 0.2,
      "testing": false
    },
    "software": "mriqc",
    "version": "22.0.6",
    "webapi_port": null,
    "webapi_url": "https://mriqc.nimh.nih.gov/api/v1"
  },
  "size_t": 191,
  "size_x": 128,
  "size_y": 120,
  "size_z": 32,
  "snr": 5.58085846581179,
  "spacing_tr": 2.0,
  "spacing_x": 1.71875,
  "spacing_y": 1.71875,
  "spacing_z": 3.4800000190734863,
  "summary_bg_k": 23.688886628795544,
  "summary_bg_mad": 4.959556494497731,
  "summary_bg_mean": 55.353271484375,
  "summary_bg_median": 23.244319915771484,
  "summary_bg_n": 298766.0,
  "summary_bg_p05": 18.056522369384766,
  "summary_bg_p95": 231.82426071166992,
  "summary_bg_stdv": 92.0528564453125,
  "summary_fg_k": 2.7094235980011474,
  "summary_fg_mad": 161.802133514272,
  "summary_fg_mean": 1035.492431640625,
  "summary_fg_median": 1028.392578125,
  "summary_fg_n": 109424.0,
  "summary_fg_p05": 748.5417083740234,
  "summary_fg_p95": 1325.8324584960935,
  "summary_fg_stdv": 184.2705535888672,
  "tsnr": 47.6207275390625
}