{
  "bids_meta": {
    "EchoTime": 0.00336,
    "FlipAngle": 9,
    "ImageType": [
      "ORIGINAL",
      "PRIMARY",
      "M",
      "ND",
      "NORM"
    ],
    "MagneticFieldStrength": 3,
    "Manufacturer": "Siemens",
    "ManufacturersModelName": "TrioTim",
    "PhaseEncodingDirection": "i-",
    "RepetitionTime": 2.3,
    "ScanningSequence": "GR_IR",
    "SequenceName": "_tfl3d1",
    "SequenceVariant": "SP_MP",
    "SoftwareVersions": "syngo_MR_B17",
    "dataset": "ds003076",
    "modality": "T1w",
    "subject_id": "1022"
  },
  "cjv": 0.32409959694113244,
  "cnr": 4.115507804488661,
  "efc": 0.5451823535535615,
  "fber": 6202.265644929847,
  "fwhm_avg": 4.179411524728,
  "fwhm_x": 4.21376,
  "fwhm_y": 4.29239,
  "fwhm_z": 4.032084574183999,
  "icvs_csf": 0.25780786075215745,
  "icvs_gm": 0.40504695826236004,
  "icvs_wm": 0.33714518098548246,
  "inu_med": 0.675170361995697,
  "inu_range": 0.2694776087999343,
  "provenance": {
    "md5sum": "ba6f6209be5ac2d780ff6b83de4be33b",
    "settings": {
      "testing": false
    },
    "software": "mriqc",
    "version": "22.0.6",
    "warnings": {
      "large_rot_frame": true,
      "small_air_mask": false
    },
    "webapi_port": null,
    "webapi_url": "https://mriqc.nimh.nih.gov/api/v1"
  },
  "qi_1": 0.0,
  "qi_2": 0.004244984705051994,
  "rpve_csf": 19.993576593498922,
  "rpve_gm": 12.129679535278596,
  "rpve_wm": 17.59050639538222,
  "size_x": 256,
  "size_y": 256,
  "size_z": 160,
  "snr_csf": 1.7109862728794163,
  "snr_gm": 7.059064490945966,
  "snr_total": 8.981737496555793,
  "snr_wm": 18.175161725841992,
  "snrd_csf": 14.696971558056386,
  "snrd_gm": 52.75131799248029,
  "snrd_total": 52.5299605136035,
  "snrd_wm": 90.14159199027382,
  "spacing_x": 1.0,
  "spacing_y": 1.0,
  "spacing_z": 0.9999542236328125,
  "summary_bg_k": 17.919685013441967,
  "summary_bg_mad": 7.267859091916888,
  "summary_bg_mean": 11.360805811937896,
  "summary_bg_median": 4.902096463367343,
  "summary_bg_n": 1788509.0,
  "summary_bg_p05": 0.0,
  "summary_bg_p95": 42.76179061830044,
  "summary_bg_stdv": 16.086098846061095,
  "summary_csf_k": 0.07599438321755825,
  "summary_csf_mad": 102.3043555226606,
  "summary_csf_mean": 172.72735821650429,
  "summary_csf_median": 163.04317446239293,
  "summary_csf_n": 30852.0,
  "summary_csf_p05": 35.86562101729214,
  "summary_csf_p95": 342.0666294861585,
  "summary_csf_stdv": 95.29037998821576,
  "summary_gm_k": 0.07300738911663673,
  "summary_gm_mad": 81.75314944636455,
  "summary_gm_mean": 584.3552608810447,
  "summary_gm_median": 585.2050749771297,
  "summary_gm_n": 22916.0,
  "summary_gm_p05": 444.83755859034136,
  "summary_gm_p95": 717.7347761145793,
  "summary_gm_stdv": 82.8994135279867,
  "summary_wm_k": 0.37088247940997965,
  "summary_wm_mad": 52.68171307869699,
  "summary_wm_mean": 998.794487075579,
  "summary_wm_median": 999.999983066693,
  "summary_wm_n": 186854.0,
  "summary_wm_p05": 905.890809154138,
  "summary_wm_p95": 1086.6313827130944,
  "summary_wm_stdv": 55.019994994341424,
  "tpm_overlap_csf": 0.146608076428428,
  "tpm_overlap_gm": 0.45438704780521394,
  "tpm_overlap_wm": 0.49778302194022217,
  "wm2max": 0.6281977887183802
}