{
  "bids_meta": {
    "EchoTime": 0.00336,
    "FlipAngle": 9,
    "ImageType": [
      "ORIGINAL",
      "PRIMARY",
      "M",
      "ND",
      "NORM"
    ],
    "MagneticFieldStrength": 3,
    "Manufacturer": "Siemens",
    "ManufacturersModelName": "TrioTim",
    "PhaseEncodingDirection": "i-",
    "RepetitionTime": 2.3,
    "ScanningSequence": "GR_IR",
    "SequenceName": "_tfl3d1",
    "SequenceVariant": "SP_MP",
    "SoftwareVersions": "syngo_MR_B17",
    "dataset": "ds003076",
    "modality": "T1w",
    "subject_id": "1034"
  },
  "cjv": 0.31077473724348803,
  "cnr": 4.22865355543112,
  "efc": 0.5840472595482536,
  "fber": 16128.999999999998,
  "fwhm_avg": 4.2512506904198775,
  "fwhm_x": 4.27213,
  "fwhm_y": 4.41372,
  "fwhm_z": 4.067902071259633,
  "icvs_csf": 0.23883514863108923,
  "icvs_gm": 0.4202352826813448,
  "icvs_wm": 0.34092956868756596,
  "inu_med": 0.5307513475418091,
  "inu_range": 0.18865660429000852,
  "provenance": {
    "md5sum": "d476891a91e4d5854d4d81986c4c2bd5",
    "settings": {
      "testing": false
    },
    "software": "mriqc",
    "version": "22.0.6",
    "warnings": {
      "large_rot_frame": true,
      "small_air_mask": false
    },
    "webapi_port": null,
    "webapi_url": "https://mriqc.nimh.nih.gov/api/v1"
  },
  "qi_1": 0.0,
  "qi_2": 0.003605096832195913,
  "rpve_csf": 18.079121429851686,
  "rpve_gm": 10.201722520054163,
  "rpve_wm": 14.75566859248689,
  "size_x": 256,
  "size_y": 256,
  "size_z": 160,
  "snr_csf": 2.156243714590871,
  "snr_gm": 8.761842722576777,
  "snr_total": 9.936810753251345,
  "snr_wm": 18.89234582258639,
  "snrd_csf": 28.51985153011575,
  "snrd_gm": 86.0351923122289,
  "snrd_total": 84.39654364458507,
  "snrd_wm": 138.63458709141054,
  "spacing_x": 1.0,
  "spacing_y": 1.0,
  "spacing_z": 0.9999847412109375,
  "summary_bg_k": 4.48419577689809,
  "summary_bg_mad": 4.725634577640392,
  "summary_bg_mean": 10.483185823077811,
  "summary_bg_median": 3.187392085790634,
  "summary_bg_n": 1829533.0,
  "summary_bg_p05": 0.0,
  "summary_bg_p95": 42.14440646767616,
  "summary_bg_stdv": 15.232248539089998,
  "summary_csf_k": 0.25838866275853833,
  "summary_csf_mad": 96.25198761263383,
  "summary_csf_mean": 211.9165966752592,
  "summary_csf_median": 205.7195975370705,
  "summary_csf_n": 55079.0,
  "summary_csf_p05": 63.1479922330007,
  "summary_csf_p95": 375.67621317822477,
  "summary_csf_stdv": 95.4056021778924,
  "summary_gm_k": 0.30943491756379204,
  "summary_gm_mad": 68.12789849431566,
  "summary_gm_mean": 619.3550451697809,
  "summary_gm_median": 620.589666036889,
  "summary_gm_n": 43797.0,
  "summary_gm_p05": 499.57501317970457,
  "summary_gm_p95": 732.8788330592215,
  "summary_gm_stdv": 70.82786130766773,
  "summary_wm_k": 0.5356093776747093,
  "summary_wm_mad": 49.78324759916996,
  "summary_wm_mean": 998.3454387612942,
  "summary_wm_median": 999.9999975822866,
  "summary_wm_n": 228468.0,
  "summary_wm_p05": 909.8233631551266,
  "summary_wm_p95": 1083.3071380245499,
  "summary_wm_stdv": 52.9313732916151,
  "tpm_overlap_csf": 0.13947817384752187,
  "tpm_overlap_gm": 0.4491802586006067,
  "tpm_overlap_wm": 0.4883011633054476,
  "wm2max": 0.768660144619311
}