{
  "bids_meta": {
    "EchoTime": 0.00336,
    "FlipAngle": 9,
    "ImageType": [
      "ORIGINAL",
      "PRIMARY",
      "M",
      "ND",
      "NORM"
    ],
    "MagneticFieldStrength": 3,
    "Manufacturer": "Siemens",
    "ManufacturersModelName": "TrioTim",
    "PhaseEncodingDirection": "i-",
    "RepetitionTime": 2.3,
    "ScanningSequence": "GR_IR",
    "SequenceName": "_tfl3d1",
    "SequenceVariant": "SP_MP",
    "SoftwareVersions": "syngo_MR_B17",
    "dataset": "ds003076",
    "modality": "T1w",
    "subject_id": "1019"
  },
  "cjv": 0.30256031512425924,
  "cnr": 4.432917094589852,
  "efc": 0.5271086167441523,
  "fber": 8747.39754650282,
  "fwhm_avg": 4.052136744335894,
  "fwhm_x": 4.00495,
  "fwhm_y": 4.24224,
  "fwhm_z": 3.9092202330076833,
  "icvs_csf": 0.21643560626322447,
  "icvs_gm": 0.43149146566410107,
  "icvs_wm": 0.35207292807267443,
  "inu_med": 0.5755579471588135,
  "inu_range": 0.19997286051511765,
  "provenance": {
    "md5sum": "4aba0687a7a2902f6c4cdbc35e989490",
    "settings": {
      "testing": false
    },
    "software": "mriqc",
    "version": "22.0.6",
    "warnings": {
      "large_rot_frame": true,
      "small_air_mask": false
    },
    "webapi_port": null,
    "webapi_url": "https://mriqc.nimh.nih.gov/api/v1"
  },
  "qi_1": 0.0,
  "qi_2": 0.004347280351956924,
  "rpve_csf": 23.223520007502394,
  "rpve_gm": 12.166163419397446,
  "rpve_wm": 17.701369918864923,
  "size_x": 256,
  "size_y": 256,
  "size_z": 160,
  "snr_csf": 1.7446861442045518,
  "snr_gm": 6.973119662936793,
  "snr_total": 9.054861916975716,
  "snr_wm": 18.446779943785803,
  "snrd_csf": 16.88431686946393,
  "snrd_gm": 57.78166738959981,
  "snrd_total": 59.051164898582066,
  "snrd_wm": 102.48751043668244,
  "spacing_x": 1.0,
  "spacing_y": 1.0,
  "spacing_z": 0.9999999403953552,
  "summary_bg_k": 3.6957296033969254,
  "summary_bg_mad": 6.392201269682207,
  "summary_bg_mean": 10.665524852119205,
  "summary_bg_median": 4.311474237591028,
  "summary_bg_n": 1975945.0,
  "summary_bg_p05": 0.0,
  "summary_bg_p95": 39.87518162280321,
  "summary_bg_stdv": 14.397013553939097,
  "summary_csf_k": 0.37661044542252897,
  "summary_csf_mad": 100.33283871363066,
  "summary_csf_mean": 173.8292522388347,
  "summary_csf_median": 164.74119241535664,
  "summary_csf_n": 23317.0,
  "summary_csf_p05": 37.82187179252505,
  "summary_csf_p95": 336.60941848754885,
  "summary_csf_stdv": 94.42251850479963,
  "summary_gm_k": 0.07930756981688436,
  "summary_gm_mad": 79.49638153621353,
  "summary_gm_mean": 564.9153927534102,
  "summary_gm_median": 563.7788522392511,
  "summary_gm_n": 49705.0,
  "summary_gm_p05": 433.00540713220835,
  "summary_gm_p95": 698.6922654263674,
  "summary_gm_stdv": 80.84949179323236,
  "summary_wm_k": 0.27492640638624133,
  "summary_wm_mad": 52.479619263799776,
  "summary_wm_mean": 998.788335276759,
  "summary_wm_median": 999.9761795252562,
  "summary_wm_n": 197242.0,
  "summary_wm_p05": 907.6010574623942,
  "summary_wm_p95": 1085.5863364860415,
  "summary_wm_stdv": 54.20857448685683,
  "tpm_overlap_csf": 0.13992483377235232,
  "tpm_overlap_gm": 0.47392503623546967,
  "tpm_overlap_wm": 0.5115730834925268,
  "wm2max": 0.684905575985479
}