{
  "bids_meta": {
    "EchoTime": 0.00336,
    "FlipAngle": 9,
    "ImageType": [
      "ORIGINAL",
      "PRIMARY",
      "M",
      "ND",
      "NORM"
    ],
    "MagneticFieldStrength": 3,
    "Manufacturer": "Siemens",
    "ManufacturersModelName": "TrioTim",
    "PhaseEncodingDirection": "i-",
    "RepetitionTime": 2.3,
    "ScanningSequence": "GR_IR",
    "SequenceName": "_tfl3d1",
    "SequenceVariant": "SP_MP",
    "SoftwareVersions": "syngo_MR_B17",
    "dataset": "ds003076",
    "modality": "T1w",
    "subject_id": "1035"
  },
  "cjv": 0.31038106137794275,
  "cnr": 4.206624996713311,
  "efc": 0.5849468774064189,
  "fber": 17442.45649786102,
  "fwhm_avg": 4.050953068108124,
  "fwhm_x": 4.11786,
  "fwhm_y": 4.20713,
  "fwhm_z": 3.827869204324374,
  "icvs_csf": 0.22882673337027548,
  "icvs_gm": 0.42020351851921495,
  "icvs_wm": 0.35096974811050957,
  "inu_med": 0.43462902307510376,
  "inu_range": 0.10503977239131929,
  "provenance": {
    "md5sum": "b84f37ba079fd0cced3115a457167e63",
    "settings": {
      "testing": false
    },
    "software": "mriqc",
    "version": "22.0.6",
    "warnings": {
      "large_rot_frame": true,
      "small_air_mask": false
    },
    "webapi_port": null,
    "webapi_url": "https://mriqc.nimh.nih.gov/api/v1"
  },
  "qi_1": 0.0,
  "qi_2": 0.0012777987815086247,
  "rpve_csf": 21.78421745472658,
  "rpve_gm": 11.717992614705059,
  "rpve_wm": 16.48116368701378,
  "size_x": 256,
  "size_y": 256,
  "size_z": 160,
  "snr_csf": 1.8721838495804093,
  "snr_gm": 8.285447699544378,
  "snr_total": 10.627557088907388,
  "snr_wm": 21.725039717597376,
  "snrd_csf": 28.835017929510567,
  "snrd_gm": 90.38380269471486,
  "snrd_total": 88.1560973164801,
  "snrd_wm": 145.2494713252149,
  "spacing_x": 1.0,
  "spacing_y": 1.0,
  "spacing_z": 0.9999923706054688,
  "summary_bg_k": 44.157696881415475,
  "summary_bg_mad": 4.510242439655728,
  "summary_bg_mean": 9.613540815393751,
  "summary_bg_median": 3.042112296447158,
  "summary_bg_n": 1464807.0,
  "summary_bg_p05": 0.0,
  "summary_bg_p95": 36.28663360141218,
  "summary_bg_stdv": 17.436071861572586,
  "summary_csf_k": 0.10416186127998417,
  "summary_csf_mad": 108.62904176556442,
  "summary_csf_mean": 203.99791365931975,
  "summary_csf_median": 198.5127396583557,
  "summary_csf_n": 27011.0,
  "summary_csf_p05": 40.452140307985246,
  "summary_csf_p95": 388.42604423034936,
  "summary_csf_stdv": 106.03075387284957,
  "summary_gm_k": 0.17828839958880272,
  "summary_gm_mad": 72.48814483080676,
  "summary_gm_mean": 623.1901229940328,
  "summary_gm_median": 622.2412046883255,
  "summary_gm_n": 34998.0,
  "summary_gm_p05": 500.01986948400736,
  "summary_gm_p95": 746.9906743925997,
  "summary_gm_stdv": 75.09941979248657,
  "summary_wm_k": 0.42348678359469627,
  "summary_wm_mad": 44.74867989148624,
  "summary_wm_mean": 997.1890826783457,
  "summary_wm_median": 999.9602066203952,
  "summary_wm_n": 207586.0,
  "summary_wm_p05": 917.9275608225726,
  "summary_wm_p95": 1067.5428190100938,
  "summary_wm_stdv": 46.02789274825113,
  "tpm_overlap_csf": 0.1330782251785197,
  "tpm_overlap_gm": 0.4630492889705895,
  "tpm_overlap_wm": 0.509524685183216,
  "wm2max": 0.8720954428799335
}