{
  "bids_meta": {
    "EchoTime": 0.00336,
    "FlipAngle": 9,
    "ImageType": [
      "ORIGINAL",
      "PRIMARY",
      "M",
      "ND",
      "NORM"
    ],
    "MagneticFieldStrength": 3,
    "Manufacturer": "Siemens",
    "ManufacturersModelName": "TrioTim",
    "PhaseEncodingDirection": "i-",
    "RepetitionTime": 2.3,
    "ScanningSequence": "GR_IR",
    "SequenceName": "_tfl3d1",
    "SequenceVariant": "SP_MP",
    "SoftwareVersions": "syngo_MR_B17",
    "dataset": "ds003076",
    "modality": "T1w",
    "subject_id": "1030"
  },
  "cjv": 0.2929553424126907,
  "cnr": 4.520678419786809,
  "efc": 0.5192275806515902,
  "fber": 17412.06983944588,
  "fwhm_avg": 4.203168040827862,
  "fwhm_x": 4.265340254234091,
  "fwhm_y": 4.31311,
  "fwhm_z": 4.031053868249494,
  "icvs_csf": 0.26411807064116416,
  "icvs_gm": 0.4114610285402712,
  "icvs_wm": 0.3244209008185646,
  "inu_med": 0.47549007833004,
  "inu_range": 0.11442703008651733,
  "provenance": {
    "md5sum": "8b071a0b7131f2250308647ccf956427",
    "settings": {
      "testing": false
    },
    "software": "mriqc",
    "version": "22.0.6",
    "warnings": {
      "large_rot_frame": true,
      "small_air_mask": false
    },
    "webapi_port": null,
    "webapi_url": "https://mriqc.nimh.nih.gov/api/v1"
  },
  "qi_1": 0.0,
  "qi_2": 0.004625201004059636,
  "rpve_csf": 18.942813672971102,
  "rpve_gm": 11.648595206511636,
  "rpve_wm": 17.652404015617797,
  "size_x": 256,
  "size_y": 256,
  "size_z": 160,
  "snr_csf": 1.6654150776761079,
  "snr_gm": 6.894184978112831,
  "snr_total": 9.828682196124797,
  "snr_wm": 20.92644653258545,
  "snrd_csf": 24.34621781785033,
  "snrd_gm": 86.20676049960572,
  "snrd_total": 87.55374113241207,
  "snrd_wm": 152.10824507978015,
  "spacing_x": 0.9999999403953552,
  "spacing_y": 1.0,
  "spacing_z": 1.0000114440917969,
  "summary_bg_k": 9.947991654257764,
  "summary_bg_mad": 4.306954227174313,
  "summary_bg_mean": 8.111712977997579,
  "summary_bg_median": 2.904996480792761,
  "summary_bg_n": 1959361.0,
  "summary_bg_p05": 0.0,
  "summary_bg_p95": 33.116959881037474,
  "summary_bg_stdv": 11.988576297215731,
  "summary_csf_k": 0.30830153530233284,
  "summary_csf_mad": 99.68371300963446,
  "summary_csf_mean": 169.61626217575218,
  "summary_csf_median": 160.055288862437,
  "summary_csf_n": 28131.0,
  "summary_csf_p05": 29.570860728621483,
  "summary_csf_p95": 340.7861388847232,
  "summary_csf_stdv": 96.10363576149835,
  "summary_gm_k": 0.03637034421043239,
  "summary_gm_mad": 82.27767730532999,
  "summary_gm_mean": 565.9677671439981,
  "summary_gm_median": 566.7347617149353,
  "summary_gm_n": 36269.0,
  "summary_gm_p05": 428.33672247827053,
  "summary_gm_p95": 698.3130712822079,
  "summary_gm_stdv": 82.20361805262624,
  "summary_wm_k": 0.5078592319657327,
  "summary_wm_mad": 44.64380829960685,
  "summary_wm_mean": 996.1200482677475,
  "summary_wm_median": 999.9799265228212,
  "summary_wm_n": 193856.0,
  "summary_wm_p05": 912.269067261368,
  "summary_wm_p95": 1069.659773144871,
  "summary_wm_stdv": 47.78533927296695,
  "tpm_overlap_csf": 0.14245697048762127,
  "tpm_overlap_gm": 0.4839260108700029,
  "tpm_overlap_wm": 0.5212025578175249,
  "wm2max": 0.8636662513842747
}