{
  "bids_meta": {
    "EchoTime": 0.00336,
    "FlipAngle": 9,
    "ImageType": [
      "ORIGINAL",
      "PRIMARY",
      "M",
      "ND",
      "NORM"
    ],
    "MagneticFieldStrength": 3,
    "Manufacturer": "Siemens",
    "ManufacturersModelName": "TrioTim",
    "PhaseEncodingDirection": "i-",
    "RepetitionTime": 2.3,
    "ScanningSequence": "GR_IR",
    "SequenceName": "_tfl3d1",
    "SequenceVariant": "SP_MP",
    "SoftwareVersions": "syngo_MR_B17",
    "dataset": "ds003076",
    "modality": "T1w",
    "subject_id": "1014"
  },
  "cjv": 0.3492616289673666,
  "cnr": 3.9040482295156855,
  "efc": 0.5250395153140004,
  "fber": 7370.184007319673,
  "fwhm_avg": 4.281621493597779,
  "fwhm_x": 4.3003794873548165,
  "fwhm_y": 4.4487,
  "fwhm_z": 4.09578499343852,
  "icvs_csf": 0.26952453018432443,
  "icvs_gm": 0.3921408097251578,
  "icvs_wm": 0.3383346600905178,
  "inu_med": 0.7477206289768219,
  "inu_range": 0.2565934926271438,
  "provenance": {
    "md5sum": "449bb8662f401bc741eddd08e6bae7e2",
    "settings": {
      "testing": false
    },
    "software": "mriqc",
    "version": "22.0.6",
    "warnings": {
      "large_rot_frame": true,
      "small_air_mask": false
    },
    "webapi_port": null,
    "webapi_url": "https://mriqc.nimh.nih.gov/api/v1"
  },
  "qi_1": 0.0,
  "qi_2": 0.003334241820376944,
  "rpve_csf": 21.096902855845116,
  "rpve_gm": 13.41927940187343,
  "rpve_wm": 18.78558611199781,
  "size_x": 256,
  "size_y": 256,
  "size_z": 160,
  "snr_csf": 1.5236409414436929,
  "snr_gm": 6.837226020335828,
  "snr_total": 7.896874715525658,
  "snr_wm": 15.32975718479745,
  "snrd_csf": 12.554003275708697,
  "snrd_gm": 50.465280315890375,
  "snrd_total": 50.15860610831289,
  "snrd_wm": 87.4565347333396,
  "spacing_x": 1.0000001192092896,
  "spacing_y": 1.0,
  "spacing_z": 0.999969482421875,
  "summary_bg_k": 11.58734789222483,
  "summary_bg_mad": 7.491188588238617,
  "summary_bg_mean": 12.847250139375712,
  "summary_bg_median": 5.052729919552803,
  "summary_bg_n": 2145203.0,
  "summary_bg_p05": 0.0,
  "summary_bg_p95": 49.69813326001167,
  "summary_bg_stdv": 18.979865700334738,
  "summary_csf_k": 0.4148120532603854,
  "summary_csf_mad": 92.27607686640594,
  "summary_csf_mean": 159.196589083105,
  "summary_csf_median": 143.54935258626938,
  "summary_csf_n": 28181.0,
  "summary_csf_p05": 30.1609109044075,
  "summary_csf_p95": 334.7757464647293,
  "summary_csf_stdv": 94.21301419635321,
  "summary_gm_k": -0.048757526619753744,
  "summary_gm_mad": 85.14984361964562,
  "summary_gm_mean": 575.4787002975122,
  "summary_gm_median": 577.047668248415,
  "summary_gm_n": 17058.0,
  "summary_gm_p05": 435.2784312799573,
  "summary_gm_p95": 711.8208176359534,
  "summary_gm_stdv": 84.39544809570033,
  "summary_wm_k": 0.44155849358573107,
  "summary_wm_mad": 62.58023697559337,
  "summary_wm_mean": 1000.6753024100304,
  "summary_wm_median": 1000.0259411036968,
  "summary_wm_n": 168618.0,
  "summary_wm_p05": 894.8993606261909,
  "summary_wm_p95": 1108.4652986079454,
  "summary_wm_stdv": 65.23410408167649,
  "tpm_overlap_csf": 0.14958587467423592,
  "tpm_overlap_gm": 0.4520951610120236,
  "tpm_overlap_wm": 0.5039074872461401,
  "wm2max": 0.6272999154801379
}