{
  "bids_meta": {
    "EchoTime": 0.00336,
    "FlipAngle": 9,
    "ImageType": [
      "ORIGINAL",
      "PRIMARY",
      "M",
      "ND",
      "NORM"
    ],
    "MagneticFieldStrength": 3,
    "Manufacturer": "Siemens",
    "ManufacturersModelName": "TrioTim",
    "PhaseEncodingDirection": "i-",
    "RepetitionTime": 2.3,
    "ScanningSequence": "GR_IR",
    "SequenceName": "_tfl3d1",
    "SequenceVariant": "SP_MP",
    "SoftwareVersions": "syngo_MR_B17",
    "dataset": "ds003076",
    "modality": "T1w",
    "subject_id": "1016"
  },
  "cjv": 0.31447075819893916,
  "cnr": 4.205574886987484,
  "efc": 0.5125343087767559,
  "fber": 24499.054820415877,
  "fwhm_avg": 4.325993233533727,
  "fwhm_x": 4.28863,
  "fwhm_y": 4.570809455117052,
  "fwhm_z": 4.1185402454841284,
  "icvs_csf": 0.2464572165598546,
  "icvs_gm": 0.40183309468530903,
  "icvs_wm": 0.3517096887548363,
  "inu_med": 0.45614756643772125,
  "inu_range": 0.12099789381027215,
  "provenance": {
    "md5sum": "c7261c10d213505e18a1246c85b80de7",
    "settings": {
      "testing": false
    },
    "software": "mriqc",
    "version": "22.0.6",
    "warnings": {
      "large_rot_frame": true,
      "small_air_mask": false
    },
    "webapi_port": null,
    "webapi_url": "https://mriqc.nimh.nih.gov/api/v1"
  },
  "qi_1": 0.0,
  "qi_2": 0.005498502436012106,
  "rpve_csf": 20.282819357481422,
  "rpve_gm": 12.052129084654627,
  "rpve_wm": 16.744454089506174,
  "size_x": 256,
  "size_y": 256,
  "size_z": 160,
  "snr_csf": 1.9597892461174564,
  "snr_gm": 7.201181152257276,
  "snr_total": 10.148111121989857,
  "snr_wm": 21.283362967594837,
  "snrd_csf": 30.493161425982944,
  "snrd_gm": 94.17951807070236,
  "snrd_total": 94.18709939302455,
  "snrd_wm": 157.8886186823884,
  "spacing_x": 1.0,
  "spacing_y": 1.0000001192092896,
  "spacing_z": 0.9999999403953552,
  "summary_bg_k": 3.9890725989810196,
  "summary_bg_mad": 4.149187265758515,
  "summary_bg_mean": 8.066410230982166,
  "summary_bg_median": 2.798584282398224,
  "summary_bg_n": 2106234.0,
  "summary_bg_p05": 0.0,
  "summary_bg_p95": 32.739320538938046,
  "summary_bg_stdv": 11.702424010211045,
  "summary_csf_k": 0.06709345495904584,
  "summary_csf_mad": 103.54662926459118,
  "summary_csf_mean": 198.4734006957824,
  "summary_csf_median": 193.12289331108332,
  "summary_csf_n": 33048.0,
  "summary_csf_p05": 45.71055290959776,
  "summary_csf_p95": 364.9477371200919,
  "summary_csf_stdv": 98.54119355797894,
  "summary_gm_k": 0.13293321083088472,
  "summary_gm_mad": 81.51932628019671,
  "summary_gm_mean": 596.326306132633,
  "summary_gm_median": 596.4688530117273,
  "summary_gm_n": 29234.0,
  "summary_gm_p05": 458.83715312071143,
  "summary_gm_p95": 731.3359220325947,
  "summary_gm_stdv": 82.82789152004202,
  "summary_wm_k": 0.28409125474180374,
  "summary_wm_mad": 45.366481354286115,
  "summary_wm_mean": 997.8196244751422,
  "summary_wm_median": 999.9588574916124,
  "summary_wm_n": 213034.0,
  "summary_wm_p05": 917.2565763816237,
  "summary_wm_p95": 1071.5696906000376,
  "summary_wm_stdv": 46.983012603070236,
  "tpm_overlap_csf": 0.14793407545057657,
  "tpm_overlap_gm": 0.4685859026187155,
  "tpm_overlap_wm": 0.5268399978897822,
  "wm2max": 0.8445108705097235
}