{
  "bids_meta": {
    "EchoTime": 0.00336,
    "FlipAngle": 9,
    "ImageType": [
      "ORIGINAL",
      "PRIMARY",
      "M",
      "ND",
      "NORM"
    ],
    "MagneticFieldStrength": 3,
    "Manufacturer": "Siemens",
    "ManufacturersModelName": "TrioTim",
    "PhaseEncodingDirection": "i-",
    "RepetitionTime": 2.3,
    "ScanningSequence": "GR_IR",
    "SequenceName": "_tfl3d1",
    "SequenceVariant": "SP_MP",
    "SoftwareVersions": "syngo_MR_B17",
    "dataset": "ds003076",
    "modality": "T1w",
    "subject_id": "1032"
  },
  "cjv": 0.32419197703505626,
  "cnr": 4.097777744880598,
  "efc": 0.5453260022739509,
  "fber": 12909.113452422245,
  "fwhm_avg": 4.171928185240993,
  "fwhm_x": 4.07357,
  "fwhm_y": 4.39359,
  "fwhm_z": 4.048624555722977,
  "icvs_csf": 0.25455604278556226,
  "icvs_gm": 0.42628711989471413,
  "icvs_wm": 0.3191568373197236,
  "inu_med": 0.5810075402259827,
  "inu_range": 0.1650414705276489,
  "provenance": {
    "md5sum": "3f7b9abab3c77d03b3db4e399c619bd5",
    "settings": {
      "testing": false
    },
    "software": "mriqc",
    "version": "22.0.6",
    "warnings": {
      "large_rot_frame": true,
      "small_air_mask": false
    },
    "webapi_port": null,
    "webapi_url": "https://mriqc.nimh.nih.gov/api/v1"
  },
  "qi_1": 0.0,
  "qi_2": 0.0023188311435183542,
  "rpve_csf": 21.93181746374446,
  "rpve_gm": 12.786137417333109,
  "rpve_wm": 19.57574977692199,
  "size_x": 256,
  "size_y": 256,
  "size_z": 160,
  "snr_csf": 1.8690995146382137,
  "snr_gm": 8.415168808529266,
  "snr_total": 9.830835239978752,
  "snr_wm": 19.208237396768777,
  "snrd_csf": 7.353264596025261,
  "snrd_gm": 24.635733667612477,
  "snrd_total": 23.84467341767333,
  "snrd_wm": 39.54502198938225,
  "spacing_x": 1.0,
  "spacing_y": 1.0,
  "spacing_z": 1.0000038146972656,
  "summary_bg_k": 35.523576261864484,
  "summary_bg_mad": 0.0,
  "summary_bg_mean": 10.193924348442087,
  "summary_bg_median": 0.0,
  "summary_bg_n": 1972643.0,
  "summary_bg_p05": 0.0,
  "summary_bg_p95": 40.48797834292054,
  "summary_bg_stdv": 16.566849196145185,
  "summary_csf_k": 0.09054178586088923,
  "summary_csf_mad": 105.375902788805,
  "summary_csf_mean": 191.27341016786394,
  "summary_csf_median": 185.94666036218405,
  "summary_csf_n": 26392.0,
  "summary_csf_p05": 42.72454133871943,
  "summary_csf_p95": 363.17438739687174,
  "summary_csf_stdv": 99.48273812496404,
  "summary_gm_k": 0.30400036072617187,
  "summary_gm_mad": 71.3365653207795,
  "summary_gm_mean": 621.510532778878,
  "summary_gm_median": 622.979404758662,
  "summary_gm_n": 29670.0,
  "summary_gm_p05": 496.07118792589756,
  "summary_gm_p95": 739.08872256428,
  "summary_gm_stdv": 74.0292821654985,
  "summary_wm_k": 0.21795605046182276,
  "summary_wm_mad": 50.89049463041436,
  "summary_wm_mean": 999.1301481069104,
  "summary_wm_median": 1000.0000240504742,
  "summary_wm_n": 158395.0,
  "summary_wm_p05": 912.171672776714,
  "summary_wm_p95": 1082.9965910091996,
  "summary_wm_stdv": 52.060834459924855,
  "tpm_overlap_csf": 0.13043663895296975,
  "tpm_overlap_gm": 0.4566403928204454,
  "tpm_overlap_wm": 0.4741836453277962,
  "wm2max": 0.6515378412625273
}