{
  "bids_meta": {
    "EchoTime": 0.00336,
    "FlipAngle": 9,
    "ImageType": [
      "ORIGINAL",
      "PRIMARY",
      "M",
      "ND",
      "NORM"
    ],
    "MagneticFieldStrength": 3,
    "Manufacturer": "Siemens",
    "ManufacturersModelName": "TrioTim",
    "PhaseEncodingDirection": "i-",
    "RepetitionTime": 2.3,
    "ScanningSequence": "GR_IR",
    "SequenceName": "_tfl3d1",
    "SequenceVariant": "SP_MP",
    "SoftwareVersions": "syngo_MR_B17",
    "dataset": "ds003076",
    "modality": "T1w",
    "subject_id": "1001"
  },
  "cjv": 0.31707712586745046,
  "cnr": 4.183810988114825,
  "efc": 0.5385387351878852,
  "fber": 10593.44126419753,
  "fwhm_avg": 4.089593404291574,
  "fwhm_x": 4.04598,
  "fwhm_y": 4.28754,
  "fwhm_z": 3.9352602128747245,
  "icvs_csf": 0.22058924451468692,
  "icvs_gm": 0.44192075184958035,
  "icvs_wm": 0.3374900036357327,
  "inu_med": 0.5582043528556824,
  "inu_range": 0.1996775299310684,
  "provenance": {
    "md5sum": "9b98b3e66971f27e68575508edf53886",
    "settings": {
      "testing": false
    },
    "software": "mriqc",
    "version": "22.0.6",
    "warnings": {
      "large_rot_frame": true,
      "small_air_mask": false
    },
    "webapi_port": null,
    "webapi_url": "https://mriqc.nimh.nih.gov/api/v1"
  },
  "qi_1": 0.0,
  "qi_2": 0.004528494668809654,
  "rpve_csf": 23.974069537750314,
  "rpve_gm": 12.309811344999739,
  "rpve_wm": 18.36239935701293,
  "size_x": 256,
  "size_y": 256,
  "size_z": 160,
  "snr_csf": 1.9341087285273457,
  "snr_gm": 9.00803512661042,
  "snr_total": 10.455701954163743,
  "snr_wm": 20.424962007353464,
  "snrd_csf": 21.416077821372287,
  "snrd_gm": 67.74774197091764,
  "snrd_total": 65.24712558749009,
  "snrd_wm": 106.57755697018034,
  "spacing_x": 1.0,
  "spacing_y": 1.0,
  "spacing_z": 0.9999313354492188,
  "summary_bg_k": 3.3464627238234907,
  "summary_bg_mad": 6.147038929044162,
  "summary_bg_mean": 10.54317590228795,
  "summary_bg_median": 4.146114751696587,
  "summary_bg_n": 1931814.0,
  "summary_bg_p05": 0.0,
  "summary_bg_p95": 40.38887646049261,
  "summary_bg_stdv": 14.37637203787001,
  "summary_csf_k": 0.230649406958773,
  "summary_csf_mad": 104.00507245463226,
  "summary_csf_mean": 209.9130684113905,
  "summary_csf_median": 200.94359598308802,
  "summary_csf_n": 29285.0,
  "summary_csf_p05": 48.87649757862091,
  "summary_csf_p95": 389.37736297398806,
  "summary_csf_stdv": 103.89290020876807,
  "summary_gm_k": 0.21688003708601,
  "summary_gm_mad": 68.14734536854131,
  "summary_gm_mean": 634.8189403526043,
  "summary_gm_median": 635.6661105230451,
  "summary_gm_n": 43090.0,
  "summary_gm_p05": 516.1174190245569,
  "summary_gm_p95": 749.8034074231982,
  "summary_gm_stdv": 70.56574774828123,
  "summary_wm_k": 0.30292913527861964,
  "summary_wm_mad": 47.374593125564495,
  "summary_wm_mean": 999.9744150262773,
  "summary_wm_median": 999.9999872669578,
  "summary_wm_n": 177551.0,
  "summary_wm_p05": 919.6511427685618,
  "summary_wm_p95": 1080.134377554059,
  "summary_wm_stdv": 48.95956089468995,
  "tpm_overlap_csf": 0.14726852956993156,
  "tpm_overlap_gm": 0.47838883397292675,
  "tpm_overlap_wm": 0.4981459263540675,
  "wm2max": 0.6955765601986337
}